GIT
  remote: https://github.com/Roman2K/metacli.git
  revision: 3eb064e27e1e7b2a19280199b1e76e49ccdda634
  specs:
    metacli (0.1.0)

GIT
  remote: https://github.com/Roman2K/utils-ruby.git
  revision: 77b8967899809df6d32fa1d897fe4a87e0c31192
  specs:
    utils-ruby (0.1.0)

GEM
  remote: https://rubygems.org/
  specs:
    minitest (5.12.2)

PLATFORMS
  ruby

DEPENDENCIES
  metacli!
  minitest
  utils-ruby!

BUNDLED WITH
   2.0.2
